GEM
  remote: https://rubygems.org/
  specs:
    minitest (5.24.1)
    terminal-table (3.0.2)
      unicode-display_width (>= 1.1.1, < 3)
    tk (0.5.0)
    unicode-display_width (2.5.0)

PLATFORMS
  x64-mingw-ucrt

DEPENDENCIES
  minitest
  terminal-table
  tk

BUNDLED WITH
   2.5.14
